GEM
  remote: https://rubygems.org/
  specs:
    actionmailer (4.2.4)
      actionpack (= 4.2.4)
      actionview (= 4.2.4)
      activejob (= 4.2.4)
      mail (~> 2.5, >= 2.5.4)
      rails-dom-testing (~> 1.0, >= 1.0.5)
    actionpack (4.2.4)
      actionview (= 4.2.4)
      activesupport (= 4.2.4)
      rack (~> 1.6)
      rack-test (~> 0.6.2)
      rails-dom-testing (~> 1.0, >= 1.0.5)
      rails-html-sanitizer (~> 1.0, >= 1.0.2)
    actionview (4.2.4)
      activesupport (= 4.2.4)
      builder (~> 3.1)
      erubis (~> 2.7.0)
      rails-dom-testing (~> 1.0, >= 1.0.5)
      rails-html-sanitizer (~> 1.0, >= 1.0.2)
    activejob (4.2.4)
      activesupport (= 4.2.4)
      globalid (>= 0.3.0)
    activemodel (4.2.4)
      activesupport (= 4.2.4)
      builder (~> 3.1)
    activerecord (4.2.4)
      activemodel (= 4.2.4)
      activesupport (= 4.2.4)
      arel (~> 6.0)
    activesupport (4.2.4)
      i18n (~> 0.7)
      json (~> 1.7, >= 1.7.7)
      minitest (~> 5.1)
      thread_safe (~> 0.3, >= 0.3.4)
      tzinfo (~> 1.1)
    addressable (2.4.0)
    arel (6.0.3)
    binding_of_caller (0.7.2)
      debug_inspector (>= 0.0.1)
    builder (3.2.2)
    byebug (8.2.4)
    coffee-rails (4.1.1)
      coffee-script (>= 2.2.0)
      railties (>= 4.0.0, < 5.1.x)
    coffee-script (2.4.1)
      coffee-script-source
      execjs
    coffee-script-source (1.10.0)
    concurrent-ruby (1.0.1)
    debug_inspector (0.0.2)
    erubis (2.7.0)
    excon (0.49.0)
    execjs (2.6.0)
    globalid (0.3.6)
      activesupport (>= 4.1.0)
    heroku (3.41.5)
      heroku-api (>= 0.3.19)
      launchy (>= 0.3.2)
      multi_json (>= 1.10)
      net-ssh-gateway (>= 1.2.0)
      netrc (>= 0.10.0)
      rest-client (>= 1.6.0)
      rubyzip (>= 0.9.9)
    heroku-api (0.4.2)
      excon (~> 0.45)
      multi_json (~> 1.8)
    i18n (0.7.0)
    jbuilder (2.4.1)
      activesupport (>= 3.0.0, < 5.1)
      multi_json (~> 1.2)
    jquery-fileupload-rails (0.4.6)
      actionpack (>= 3.1)
      railties (>= 3.1)
      sass (>= 3.2)
    jquery-rails (4.1.1)
      rails-dom-testing (>= 1, < 3)
      railties (>= 4.2.0)
      thor (>= 0.14, < 2.0)
    json (1.8.3)
    jwt (1.5.4)
    launchy (2.4.3)
      addressable (~> 2.3)
    libv8 (3.16.14.13)
    loofah (2.0.3)
      nokogiri (>= 1.5.9)
    mail (2.6.4)
      mime-types (>= 1.16, < 4)
    mime-types (3.0)
      mime-types-data (~> 3.2015)
    mime-types-data (3.2016.0221)
    mini_portile2 (2.0.0)
    minitest (5.8.4)
    multi_json (1.11.2)
    net-ssh (3.1.1)
    net-ssh-gateway (1.2.0)
      net-ssh (>= 2.6.5)
    netrc (0.11.0)
    nokogiri (1.6.7.2)
      mini_portile2 (~> 2.0.0.rc2)
    pjax_rails (0.4.0)
      jquery-rails
      railties (>= 3.2, < 5.0)
    rack (1.6.4)
    rack-test (0.6.3)
      rack (>= 1.0)
    rails (4.2.4)
      actionmailer (= 4.2.4)
      actionpack (= 4.2.4)
      actionview (= 4.2.4)
      activejob (= 4.2.4)
      activemodel (= 4.2.4)
      activerecord (= 4.2.4)
      activesupport (= 4.2.4)
      bundler (>= 1.3.0, < 2.0)
      railties (= 4.2.4)
      sprockets-rails
    rails-deprecated_sanitizer (1.0.3)
      activesupport (>= 4.2.0.alpha)
    rails-dom-testing (1.0.7)
      activesupport (>= 4.2.0.beta, < 5.0)
      nokogiri (~> 1.6.0)
      rails-deprecated_sanitizer (>= 1.0.1)
    rails-html-sanitizer (1.0.3)
      loofah (~> 2.0)
    rails_12factor (0.0.3)
      rails_serve_static_assets
      rails_stdout_logging
    rails_serve_static_assets (0.0.5)
    rails_stdout_logging (0.0.5)
    railties (4.2.4)
      actionpack (= 4.2.4)
      activesupport (= 4.2.4)
      rake (>= 0.8.7)
      thor (>= 0.18.1, < 2.0)
    rake (11.1.2)
    rdoc (4.2.2)
      json (~> 1.4)
    ref (2.0.0)
    rest-client (1.6.7)
      mime-types (>= 1.16)
    rubyzip (1.2.0)
    sass (3.4.22)
    sass-rails (5.0.4)
      railties (>= 4.0.0, < 5.0)
      sass (~> 3.1)
      sprockets (>= 2.8, < 4.0)
      sprockets-rails (>= 2.0, < 4.0)
      tilt (>= 1.1, < 3)
    sdoc (0.4.1)
      json (~> 1.7, >= 1.7.7)
      rdoc (~> 4.0)
    social-share-button (0.2.0)
      coffee-rails
      sass-rails
    spring (1.7.1)
    sprockets (3.6.0)
      concurrent-ruby (~> 1.0)
      rack (> 1, < 3)
    sprockets-rails (3.0.4)
      actionpack (>= 4.0)
      activesupport (>= 4.0)
      sprockets (>= 3.0.0)
    sqlite3 (1.3.11)
    therubyracer (0.12.2)
      libv8 (~> 3.16.14.0)
      ref
    thor (0.19.1)
    thread_safe (0.3.5)
    tilt (2.0.2)
    turbolinks (2.5.3)
      coffee-rails
    twilio-ruby (4.1.0)
      builder (>= 2.1.2)
      jwt (~> 1.0)
      multi_json (>= 1.3.0)
    tzinfo (1.2.2)
      thread_safe (~> 0.1)
    uglifier (3.0.0)
      execjs (>= 0.3.0, < 3)
    web-console (2.3.0)
      activemodel (>= 4.0)
      binding_of_caller (>= 0.7.2)
      railties (>= 4.0)
      sprockets-rails (>= 2.0, < 4.0)
    will_paginate (3.0.7)

PLATFORMS
  ruby

DEPENDENCIES
  byebug
  coffee-rails (~> 4.1.0)
  execjs
  heroku
  jbuilder (~> 2.0)
  jquery-fileupload-rails
  jquery-rails
  pjax_rails
  rails (= 4.2.4)
  rails_12factor
  sass-rails (~> 5.0)
  sdoc (~> 0.4.0)
  social-share-button
  spring
  sqlite3
  therubyracer
  turbolinks
  twilio-ruby (~> 4.1.0)
  uglifier (>= 1.3.0)
  web-console (~> 2.0)
  will_paginate (~> 3.0.6)

BUNDLED WITH
   1.12.0
